PATH
  remote: .
  specs:
    professor (0.0.1.pre)
      cane
      colorize
      thor

GEM
  remote: https://rubygems.org/
  specs:
    cane (2.5.2)
      parallel
    colorize (0.5.8)
    diff-lcs (1.2.2)
    parallel (0.6.4)
    rake (10.0.4)
    rspec (2.13.0)
      rspec-core (~> 2.13.0)
      rspec-expectations (~> 2.13.0)
      rspec-mocks (~> 2.13.0)
    rspec-core (2.13.1)
    rspec-expectations (2.13.0)
      diff-lcs (>= 1.1.3, < 2.0)
    rspec-mocks (2.13.1)
    thor (0.18.1)

PLATFORMS
  ruby

DEPENDENCIES
  professor!
  rake
  rspec (~> 2.0)
